PATH
  remote: .
  specs:
    json-search (0.0.1)
      sqlite3 (~> 2.0.2)

GEM
  remote: https://rubygems.org/
  specs:
    diff-lcs (1.6.0)
    rspec (3.13.0)
      rspec-core (~> 3.13.0)
      rspec-expectations (~> 3.13.0)
      rspec-mocks (~> 3.13.0)
    rspec-core (3.13.3)
      rspec-support (~> 3.13.0)
    rspec-expectations (3.13.3)
      diff-lcs (>= 1.2.0, < 2.0)
      rspec-support (~> 3.13.0)
    rspec-mocks (3.13.2)
      diff-lcs (>= 1.2.0, < 2.0)
      rspec-support (~> 3.13.0)
    rspec-support (3.13.2)
    sqlite3 (2.0.4-aarch64-linux-gnu)
    sqlite3 (2.0.4-aarch64-linux-musl)
    sqlite3 (2.0.4-arm-linux-gnu)
    sqlite3 (2.0.4-arm-linux-musl)
    sqlite3 (2.0.4-arm64-darwin)
    sqlite3 (2.0.4-x86-linux-gnu)
    sqlite3 (2.0.4-x86-linux-musl)
    sqlite3 (2.0.4-x86_64-darwin)
    sqlite3 (2.0.4-x86_64-linux-gnu)
    sqlite3 (2.0.4-x86_64-linux-musl)

PLATFORMS
  aarch64-linux-gnu
  aarch64-linux-musl
  arm-linux-gnu
  arm-linux-musl
  arm64-darwin
  x86-linux-gnu
  x86-linux-musl
  x86_64-darwin
  x86_64-linux-gnu
  x86_64-linux-musl

DEPENDENCIES
  json-search!
  rspec

BUNDLED WITH
   2.5.23
